GEM
  remote: https://rubygems.org/
  specs:
    sass (3.4.20)

PLATFORMS
  ruby
  x64-mingw32

DEPENDENCIES
  sass
